GEM
  remote: https://rubygems.org/
  specs:
    byebug (10.0.2)
    httparty (0.16.2)
      multi_xml (>= 0.5.2)
    multi_xml (0.6.0)
    rack (2.0.4)

PLATFORMS
  ruby

DEPENDENCIES
  byebug
  httparty
  rack

BUNDLED WITH
   1.15.4
